GEM
  remote: https://rubygems.org/
  specs:
    ast (2.4.0)
    backports (3.6.6)
    coderay (1.1.0)
    coveralls (0.8.3)
      json (~> 1.8)
      rest-client (>= 1.6.8, < 2)
      simplecov (~> 0.10.0)
      term-ansicolor (~> 1.3)
      thor (~> 0.19.1)
    data_uri (0.1.0)
    diff-lcs (1.2.5)
    docile (1.1.5)
    domain_name (0.5.25)
      unf (>= 0.0.5, < 1.0.0)
    ffi (1.9.10)
    formatador (0.2.5)
    guard (2.13.0)
      formatador (>= 0.2.4)
      listen (>= 2.7, <= 4.0)
      lumberjack (~> 1.0)
      nenv (~> 0.1)
      notiffany (~> 0.0)
      pry (>= 0.9.12)
      shellany (~> 0.0)
      thor (>= 0.18.1)
    guard-bundler (2.1.0)
      bundler (~> 1.0)
      guard (~> 2.2)
      guard-compat (~> 1.1)
    guard-compat (1.2.1)
    guard-rspec (4.3.1)
      guard (~> 2.1)
      rspec (>= 2.14, < 4.0)
    guard-rubocop (1.2.0)
      guard (~> 2.0)
      rubocop (~> 0.20)
    http-cookie (1.0.2)
      domain_name (~> 0.5)
    json (1.8.3)
    listen (3.0.3)
      rb-fsevent (>= 0.9.3)
      rb-inotify (>= 0.9)
    logger (1.2.8)
    lumberjack (1.0.9)
    method_source (0.8.2)
    mime-types (2.6.2)
    multi_json (1.11.2)
    nenv (0.2.0)
    netrc (0.11.0)
    notiffany (0.0.8)
      nenv (~> 0.1)
      shellany (~> 0.0)
    parallel (1.12.1)
    parser (2.5.0.3)
      ast (~> 2.4.0)
    pdfkit (0.8.2)
    powerpack (0.1.1)
    pry (0.10.3)
      coderay (~> 1.1.0)
      method_source (~> 0.8.1)
      slop (~> 3.4)
    puma (2.14.0)
    rack (1.6.9)
    rack-protection (1.5.5)
      rack
    rack-rewrite (1.5.1)
    rack-test (0.6.3)
      rack (>= 1.0)
    rainbow (3.0.0)
    rake (10.4.2)
    rb-fsevent (0.9.6)
    rb-inotify (0.9.5)
      ffi (>= 0.5.0)
    rb-readline (0.5.3)
    rest-client (1.8.0)
      http-cookie (>= 1.0.2, < 2.0)
      mime-types (>= 1.16, < 3.0)
      netrc (~> 0.7)
    rspec (2.14.1)
      rspec-core (~> 2.14.0)
      rspec-expectations (~> 2.14.0)
      rspec-mocks (~> 2.14.0)
    rspec-core (2.14.8)
    rspec-expectations (2.14.5)
      diff-lcs (>= 1.1.3, < 2.0)
    rspec-mocks (2.14.6)
    rubocop (0.53.0)
      parallel (~> 1.10)
      parser (>= 2.5)
      powerpack (~> 0.1)
      rainbow (>= 2.2.2, < 4.0)
      ruby-progressbar (~> 1.7)
      unicode-display_width (~> 1.0, >= 1.0.1)
    ruby-progressbar (1.9.0)
    shellany (0.0.1)
    shotgun (0.9.1)
      rack (>= 1.0)
    simplecov (0.10.0)
      docile (~> 1.1.0)
      json (~> 1.8)
      simplecov-html (~> 0.10.0)
    simplecov-html (0.10.0)
    sinatra (1.4.6)
      rack (~> 1.4)
      rack-protection (~> 1.4)
      tilt (>= 1.3, < 3)
    sinatra-contrib (1.4.6)
      backports (>= 2.0)
      multi_json
      rack-protection
      rack-test
      sinatra (~> 1.4.0)
      tilt (>= 1.3, < 3)
    slop (3.6.0)
    sqlite3 (1.3.11)
    term-ansicolor (1.3.2)
      tins (~> 1.0)
    thor (0.19.1)
    tilt (2.0.1)
    tins (1.6.0)
    travis-lint (2.0.0)
      json
    unf (0.1.4)
      unf_ext
    unf_ext (0.0.7.1)
    unicode-display_width (1.3.0)
    wkhtmltopdf-binary (0.12.4)

PLATFORMS
  ruby

DEPENDENCIES
  coveralls
  data_uri
  guard
  guard-bundler
  guard-rspec
  guard-rubocop
  json
  logger
  pdfkit
  pry
  puma
  rack
  rack-rewrite
  rack-test
  rake
  rb-readline
  rest-client
  rspec (= 2.14.1)
  rubocop
  shotgun
  simplecov
  sinatra
  sinatra-contrib
  sqlite3
  travis-lint
  wkhtmltopdf-binary

BUNDLED WITH
   1.12.5
